PATH
  remote: .
  specs:
    java_project (0.1.0)
      thor

GEM
  remote: https://rubygems.org/
  specs:
    minitest (5.11.3)
    rake (10.5.0)
    thor (0.20.3)

PLATFORMS
  ruby

DEPENDENCIES
  bundler (~> 1.16)
  java_project!
  minitest (~> 5.0)
  rake (~> 10.0)

BUNDLED WITH
   1.16.1
